GEM
  remote: https://rubygems.org/
  specs:
    dbf (2.0.3)
      fastercsv (~> 1.5.4)
    domain_name (0.5.17)
      unf (>= 0.0.5, < 1.0.0)
    faraday (0.8.9)
      multipart-post (~> 1.2.0)
    fastercsv (1.5.5)
    http-cookie (1.0.2)
      domain_name (~> 0.5)
    lycopodium (0.0.2)
    mechanize (2.7.3)
      domain_name (~> 0.5, >= 0.5.1)
      http-cookie (~> 1.0)
      mime-types (~> 2.0)
      net-http-digest_auth (~> 1.1, >= 1.1.1)
      net-http-persistent (~> 2.5, >= 2.5.2)
      nokogiri (~> 1.4)
      ntlm-http (~> 0.1, >= 0.1.1)
      webrobots (>= 0.0.9, < 0.2)
    mime-types (2.2)
    mini_portile2 (2.2.0)
    multipart-post (1.2.0)
    net-http-digest_auth (1.4)
    net-http-persistent (2.9.4)
    nokogiri (1.8.0)
      mini_portile2 (~> 2.2.0)
    ntlm-http (0.1.1)
    ruby-ole (1.2.11.8)
    rubyzip (1.1.6)
    spreadsheet (0.9.7)
      ruby-ole (>= 1.0)
    unf (0.1.3)
      unf_ext
    unf_ext (0.0.6)
    unicode_utils (1.4.0)
    webrobots (0.1.1)

PLATFORMS
  ruby

DEPENDENCIES
  dbf (~> 2.0.3)
  faraday
  lycopodium (~> 0.0.2)
  mechanize
  nokogiri
  rubyzip
  spreadsheet
  unicode_utils (~> 1.4.0)

BUNDLED WITH
   1.15.1
